PATH
  remote: .
  specs:
    gurps_cli (0.1.0)

GEM
  remote: https://rubygems.org/
  specs:
    mini_portile2 (2.4.0)
    nokogiri (1.10.9)
      mini_portile2 (~> 2.4.0)

PLATFORMS
  ruby

DEPENDENCIES
  bundler (~> 2.0)
  gurps_cli!
  nokogiri

BUNDLED WITH
   2.0.1
